PATH
  remote: .
  specs:
    ekiben (0.0.1)

GEM
  remote: https://rubygems.org/
  specs:
    barby (0.5.0)

PLATFORMS
  ruby

DEPENDENCIES
  barby (~> 0.5.0)
  ekiben!
